GEM
  remote: https://rubygems.org/
  specs:
    activesupport (4.2.5)
      i18n (~> 0.7)
      json (~> 1.7, >= 1.7.7)
      minitest (~> 5.1)
      thread_safe (~> 0.3, >= 0.3.4)
      tzinfo (~> 1.1)
    ast (2.1.0)
    astrolabe (1.3.1)
      parser (~> 2.2)
    atk (3.0.7)
      glib2 (= 3.0.7)
    byebug (8.2.0)
    cairo (1.14.3)
      pkg-config (>= 1.1.5)
    cairo-gobject (3.0.7)
      cairo
      glib2 (= 3.0.7)
    climate_control (0.0.3)
      activesupport (>= 3.0)
    cocaine (0.5.8)
      climate_control (>= 0.0.3, < 1.0)
    coderay (1.1.0)
    diff-lcs (1.2.5)
    docile (1.1.5)
    fakefs (0.6.7)
    gdk3 (3.0.7)
      cairo-gobject (= 3.0.7)
      gdk_pixbuf2 (= 3.0.7)
      gobject-introspection (= 3.0.7)
      pango (= 3.0.7)
    gdk_pixbuf2 (3.0.7)
      glib2 (= 3.0.7)
    gio2 (3.0.7)
      glib2 (= 3.0.7)
      gobject-introspection (= 3.0.7)
    glib2 (3.0.7)
      pkg-config
    gobject-introspection (3.0.7)
      glib2 (= 3.0.7)
    gstreamer (3.0.7)
      glib2 (= 3.0.7)
      gobject-introspection (= 3.0.7)
    gtk3 (3.0.7)
      atk (= 3.0.7)
      gdk3 (= 3.0.7)
      gdk_pixbuf2 (= 3.0.7)
      gio2 (= 3.0.7)
      glib2 (= 3.0.7)
      gobject-introspection (= 3.0.7)
      pango (= 3.0.7)
    i18n (0.7.0)
    json (1.8.3)
    kmeans-clusterer (0.11.4)
      narray (~> 0.6)
    method_source (0.8.2)
    minitest (5.8.3)
    narray (0.6.1.1)
    pango (3.0.7)
      cairo (>= 1.14.0)
      glib2 (= 3.0.7)
    parser (2.2.3.0)
      ast (>= 1.1, < 3.0)
    pkg-config (1.1.6)
    powerpack (0.1.1)
    probability (1.0.0)
    pry (0.10.3)
      coderay (~> 1.1.0)
      method_source (~> 0.8.1)
      slop (~> 3.4)
    pry-byebug (3.3.0)
      byebug (~> 8.0)
      pry (~> 0.10)
    rainbow (2.0.0)
    rake (10.4.2)
    rspec (3.3.0)
      rspec-core (~> 3.3.0)
      rspec-expectations (~> 3.3.0)
      rspec-mocks (~> 3.3.0)
    rspec-core (3.3.2)
      rspec-support (~> 3.3.0)
    rspec-expectations (3.3.1)
      diff-lcs (>= 1.2.0, < 2.0)
      rspec-support (~> 3.3.0)
    rspec-its (1.2.0)
      rspec-core (>= 3.0.0)
      rspec-expectations (>= 3.0.0)
    rspec-mocks (3.3.2)
      diff-lcs (>= 1.2.0, < 2.0)
      rspec-support (~> 3.3.0)
    rspec-support (3.3.0)
    rubocop (0.35.1)
      astrolabe (~> 1.3)
      parser (>= 2.2.3.0, < 3.0)
      powerpack (~> 0.1)
      rainbow (>= 1.99.1, < 3.0)
      ruby-progressbar (~> 1.7)
      tins (<= 1.6.0)
    ruby-progressbar (1.7.5)
    simplecov (0.10.0)
      docile (~> 1.1.0)
      json (~> 1.8)
      simplecov-html (~> 0.10.0)
    simplecov-html (0.10.0)
    slop (3.6.0)
    thread_safe (0.3.5)
    tins (1.6.0)
    tzinfo (1.2.2)
      thread_safe (~> 0.1)
    yard (0.8.7.6)

PLATFORMS
  ruby

DEPENDENCIES
  cocaine
  fakefs (~> 0.6.7)
  gstreamer
  gtk3
  kmeans-clusterer
  probability
  pry-byebug
  rake (~> 10.4.2)
  rspec (~> 3.3.0)
  rspec-its
  rubocop
  simplecov (~> 0.10.0)
  yard (~> 0.8.7.6)

BUNDLED WITH
   1.10.6
